GIT
  remote: https://github.com/lautis/uglifier
  revision: ca73bc5798270ef8ce7bf7869a1943326796d0f4
  specs:
    uglifier (1.3.0)
      execjs (>= 0.3.0)
      multi_json (~> 1.0, >= 1.0.2)

GEM
  remote: http://rubygems.org/
  specs:
    execjs (1.4.0)
      multi_json (~> 1.0)
    multi_json (1.6.1)
    rake (0.9.2.2)

PLATFORMS
  ruby

DEPENDENCIES
  rake
  uglifier!
